GEM
  remote: http://rubygems.org/
  specs:
    activesupport (6.0.3.4)
      concurrent-ruby (~> 1.0, >= 1.0.2)
      i18n (>= 0.7, < 2)
      minitest (~> 5.1)
      tzinfo (~> 1.1)
      zeitwerk (~> 2.2, >= 2.2.2)
    amqp (0.6.7)
      eventmachine (>= 0.12.4)
    concurrent-ruby (1.1.7)
    crack (0.1.8)
    daemons (1.1.0)
    eventmachine (0.12.10)
    httparty (0.7.4)
      crack (= 0.1.8)
    i18n (1.8.5)
      concurrent-ruby (~> 1.0)
    json (1.5.1)
    mash (0.1.1)
    mime-types (1.15)
    minitest (5.14.2)
    oauth (0.4.4)
    rack (1.2.1)
    ruby-hmac (0.4.0)
    sinatra (1.1.3)
      rack (~> 1.1)
      tilt (>= 1.2.2, < 2.0)
    thin (1.2.2)
      daemons (>= 1.0.9)
      eventmachine (>= 0.12.6)
      rack (>= 1.0.0)
    thread_safe (0.3.6)
    tilt (1.2.2)
    tinder (1.3.1)
      activesupport
      httparty
      mime-types
    tmail (1.2.3.1)
    tzinfo (1.2.8)
      thread_safe (~> 0.1)
    xml-simple (1.0.11)
    xmpp4r (0.5)
    xmpp4r-simple (0.8.4)
      xmpp4r (>= 0.3.0)
    zeitwerk (2.4.2)

PLATFORMS
  ruby

DEPENDENCIES
  activesupport (= 6.0.3.4)
  amqp (= 0.6.7)
  httparty (= 0.7.4)
  json (~> 1.5.1)
  mash (~> 0.1.1)
  mime-types (= 1.15)
  oauth (= 0.4.4)
  ruby-hmac (= 0.4.0)
  sinatra (~> 1.1.2)
  thin (= 1.2.2)
  tilt (~> 1.2.1)
  tinder (= 1.3.1)
  tmail (= 1.2.3.1)
  xml-simple (= 1.0.11)
  xmpp4r-simple (= 0.8.4)
