GEM
  remote: http://rubygems.org/
  specs:
    activesupport (2.2.2)
    amqp (0.6.7)
      eventmachine (>= 0.12.4)
    crack (0.1.8)
    daemons (1.3.1)
    eventmachine (1.2.7)
    httparty (0.7.4)
      crack (= 0.1.8)
    json (1.5.1)
    mash (0.1.1)
    mime-types (1.15)
    oauth (0.4.4)
    rack (1.6.13)
    ruby-hmac (0.4.0)
    sinatra (1.1.3)
      rack (~> 1.1)
      tilt (>= 1.2.2, < 2.0)
    thin (1.2.4)
      daemons (>= 1.0.9)
      eventmachine (>= 0.12.6)
      rack (>= 1.0.0)
    tilt (1.2.2)
    tinder (1.3.1)
      activesupport
      httparty
      mime-types
    tmail (1.2.3.1)
    xml-simple (1.0.11)
    xmpp4r (0.5)
    xmpp4r-simple (0.8.4)
      xmpp4r (>= 0.3.0)

PLATFORMS
  ruby

DEPENDENCIES
  activesupport (= 2.2.2)
  amqp (= 0.6.7)
  httparty (= 0.7.4)
  json (~> 1.5.1)
  mash (~> 0.1.1)
  mime-types (= 1.15)
  oauth (= 0.4.4)
  ruby-hmac (= 0.4.0)
  sinatra (~> 1.1.2)
  thin (= 1.2.4)
  tilt (~> 1.2.1)
  tinder (= 1.3.1)
  tmail (= 1.2.3.1)
  xml-simple (= 1.0.11)
  xmpp4r-simple (= 0.8.4)
